GEM
  remote: https://rubygems.org/
  specs:
    amq-protocol (2.3.2)
    autoload (0.3.0)
    bigdecimal (3.1.4)
    bunny (2.22.0)
      amq-protocol (~> 2.3, >= 2.3.1)
      sorted_set (~> 1, >= 1.0.2)
    closed_struct (1.0.0)
    connection_pool (2.4.1)
    headless (2.3.1)
    json (2.6.3)
    logger (1.5.3)
    mysql2 (0.5.5)
    rbtree (0.4.6)
    redis (5.0.8)
      redis-client (>= 0.17.0)
    redis-client (0.18.0)
      connection_pool
    rexml (3.2.6)
    rubyzip (2.3.2)
    selenium-webdriver (4.14.0)
      rexml (~> 3.2, >= 3.2.5)
      rubyzip (>= 1.2.2, < 3.0)
      websocket (~> 1.0)
    sequel (5.73.0)
      bigdecimal
    set (1.0.3)
    sorted_set (1.0.3)
      rbtree
      set (~> 1.0)
    thor (1.3.0)
    websocket (1.2.10)

PLATFORMS
  x86_64-darwin-20
  x86_64-darwin-21
  x86_64-linux

DEPENDENCIES
  autoload
  bunny
  closed_struct
  headless
  json
  logger
  mysql2
  redis
  selenium-webdriver
  sequel
  thor

BUNDLED WITH
   2.3.11
